PATH
  remote: .
  specs:
    wraith (1.2.2)
      anemone
      image_size
      log4r
      nokogiri
      parallel
      rake
      robotex
      thor

GEM
  remote: https://rubygems.org/
  specs:
    anemone (0.7.2)
      nokogiri (>= 1.3.0)
      robotex (>= 1.0.0)
    coderay (1.1.0)
    diff-lcs (1.2.5)
    given_core (3.5.4)
      sorcerer (>= 0.3.7)
    image_size (1.3.1)
    log4r (1.1.10)
    method_source (0.8.2)
    mini_portile (0.6.0)
    nokogiri (1.6.3.1)
      mini_portile (= 0.6.0)
    parallel (1.3.2)
    pry (0.9.12.6)
      coderay (~> 1.0)
      method_source (~> 0.8)
      slop (~> 3.4)
    rake (10.3.2)
    robotex (1.0.0)
    rspec (2.14.1)
      rspec-core (~> 2.14.0)
      rspec-expectations (~> 2.14.0)
      rspec-mocks (~> 2.14.0)
    rspec-core (2.14.8)
    rspec-expectations (2.14.5)
      diff-lcs (>= 1.1.3, < 2.0)
    rspec-given (3.5.4)
      given_core (= 3.5.4)
      rspec (>= 2.12)
    rspec-mocks (2.14.6)
    slop (3.5.0)
    sorcerer (1.0.2)
    thor (0.19.1)

PLATFORMS
  ruby

DEPENDENCIES
  pry
  rspec-given
  wraith!
